GEM
  remote: http://rubygems.org/
  specs:
    pg (0.11.0)
    rake (0.8.7)

PLATFORMS
  ruby

DEPENDENCIES
  pg (~> 0.11.0)
  rake (= 0.8.7)
